PATH
  remote: .
  specs:
    wdd-ruby-ext (0.6.0)
      eventmachine (~> 0.12.10)
      nokogiri (>= 1.4.1)

GEM
  remote: https://rubygems.org/
  specs:
    eventmachine (0.12.10)
    nokogiri (1.4.7)

PLATFORMS
  ruby

DEPENDENCIES
  wdd-ruby-ext!

BUNDLED WITH
   1.10.1
