PATH
  remote: .
  specs:
    wdd-ruby-ext (0.5.1)
      eventmachine (~> 0.12.10)
      nokogiri (~> 1.4.1)
      wdd-ruby-ext

GEM
  remote: http://rubygems.org/
  specs:
    eventmachine (0.12.10)
    nokogiri (1.4.7)

PLATFORMS
  ruby

DEPENDENCIES
  wdd-ruby-ext!
